GEM
  remote: https://rubygems.org/
  specs:
    mini_portile2 (2.1.0)
    nokogiri (1.7.1)
      mini_portile2 (~> 2.1.0)
    require_all (1.4.0)

PLATFORMS
  ruby

DEPENDENCIES
  nokogiri
  require_all

BUNDLED WITH
   1.14.6
